GEM
  remote: https://rubygems.org/
  specs:
    base16 (0.0.2)
    combinatorics (0.4.3)
    diff-lcs (1.3)
    docile (1.4.0)
    json (2.3.1)
    openssl (2.0.3)
    rake (12.3.3)
    rspec (3.6.0)
      rspec-core (~> 3.6.0)
      rspec-expectations (~> 3.6.0)
      rspec-mocks (~> 3.6.0)
    rspec-core (3.6.0)
      rspec-support (~> 3.6.0)
    rspec-expectations (3.6.0)
      diff-lcs (>= 1.2.0, < 2.0)
      rspec-support (~> 3.6.0)
    rspec-mocks (3.6.0)
      diff-lcs (>= 1.2.0, < 2.0)
      rspec-support (~> 3.6.0)
    rspec-support (3.6.0)
    rubygems-tasks (0.2.4)
    simplecov (0.22.0)
      docile (~> 1.1)
      simplecov-html (~> 0.11)
      simplecov_json_formatter (~> 0.1)
    simplecov-html (0.12.3)
    simplecov_json_formatter (0.1.4)
    webrick (1.7.0)
    yard (0.9.28)
      webrick (~> 1.7.0)

PLATFORMS
  ruby

DEPENDENCIES
  base16 (~> 0.0.2)
  combinatorics (~> 0.4.3)
  json (~> 2.3.0)
  openssl (~> 2)
  rake (~> 12.3, >= 12.3.3)
  rspec (~> 3.6)
  rubygems-tasks (~> 0.2)
  simplecov (~> 0.14, >= 0.14.1)
  yard (~> 0.9.20)

RUBY VERSION
   ruby 2.4.1p111

BUNDLED WITH
   1.17.3
